GEM
  remote: https://rubygems.org/
  specs:
    activesupport (4.2.6)
      i18n (~> 0.7)
      json (~> 1.7, >= 1.7.7)
      minitest (~> 5.1)
      thread_safe (~> 0.3, >= 0.3.4)
      tzinfo (~> 1.1)
    claide (1.0.0.beta.3)
    cocoapods (1.0.0.beta.8)
      activesupport (>= 4.0.2)
      claide (>= 1.0.0.beta.3, < 2.0)
      cocoapods-core (= 1.0.0.beta.8)
      cocoapods-deintegrate (>= 1.0.0.beta.1, < 2.0)
      cocoapods-downloader (= 1.0.0.beta.3)
      cocoapods-plugins (>= 1.0.0.beta.1, < 2.0)
      cocoapods-search (= 1.0.0.beta.2)
      cocoapods-stats (= 1.0.0.beta.4)
      cocoapods-trunk (= 1.0.0.beta.4)
      cocoapods-try (= 1.0.0.beta.4)
      colored (~> 1.2)
      escape (~> 0.0.4)
      fourflusher (~> 0.3.0)
      molinillo (~> 0.4.4)
      nap (~> 1.0)
      xcodeproj (= 1.0.0.beta.4)
    cocoapods-core (1.0.0.beta.8)
      activesupport (>= 4.0.2)
      fuzzy_match (~> 2.0.4)
      nap (~> 1.0)
    cocoapods-deintegrate (1.0.0.beta.1)
    cocoapods-downloader (1.0.0.beta.3)
    cocoapods-plugins (1.0.0.beta.1)
      nap
    cocoapods-search (1.0.0.beta.2)
    cocoapods-stats (1.0.0.beta.4)
    cocoapods-trunk (1.0.0.beta.4)
      nap (>= 0.8, < 2.0)
      netrc (= 0.7.8)
    cocoapods-try (1.0.0.beta.4)
    colored (1.2)
    escape (0.0.4)
    fourflusher (0.3.0)
    fuzzy_match (2.0.4)
    i18n (0.7.0)
    json (1.8.3)
    minitest (5.8.4)
    molinillo (0.4.4)
    nap (1.1.0)
    netrc (0.7.8)
    thread_safe (0.3.5)
    tzinfo (1.2.2)
      thread_safe (~> 0.1)
    xcodeproj (1.0.0.beta.4)
      activesupport (>= 3)
      claide (>= 1.0.0.beta.1, < 2.0)
      colored (~> 1.2)

PLATFORMS
  ruby

DEPENDENCIES
  cocoapods (= 1.0.0.beta.8)

BUNDLED WITH
   1.11.2
